REDIRECTS: ON
FRAMEWORK: >= NET45
NUGET
  remote: https://www.nuget.org/api/v2
    Expression.Blend.Sdk (1.0.2)
    FSharp.Core (4.0.0.1)
    FSharp.ViewModule.Core (0.9.9.3)
    FsXaml.Wpf (2.1)
